GIT
  remote: https://github.com/voormedia/flipflop.git
  revision: 0d70d8e33483a9c0282ed8d6bca9c5ccd61e61e8
  ref: 0d70d8e33483a9c0282ed8d6bca9c5ccd61e61e8
  specs:
    flipflop (2.7.1)
      activesupport (>= 4.0)
      terminal-table (>= 1.8)

GEM
  remote: https://rubygems.org/
  specs:
    actioncable (7.0.6)
      actionpack (= 7.0.6)
      activesupport (= 7.0.6)
      nio4r (~> 2.0)
      websocket-driver (>= 0.6.1)
    actionmailbox (7.0.6)
      actionpack (= 7.0.6)
      activejob (= 7.0.6)
      activerecord (= 7.0.6)
      activestorage (= 7.0.6)
      activesupport (= 7.0.6)
      mail (>= 2.7.1)
      net-imap
      net-pop
      net-smtp
    actionmailer (7.0.6)
      actionpack (= 7.0.6)
      actionview (= 7.0.6)
      activejob (= 7.0.6)
      activesupport (= 7.0.6)
      mail (~> 2.5, >= 2.5.4)
      net-imap
      net-pop
      net-smtp
      rails-dom-testing (~> 2.0)
    actionpack (7.0.6)
      actionview (= 7.0.6)
      activesupport (= 7.0.6)
      rack (~> 2.0, >= 2.2.4)
      rack-test (>= 0.6.3)
      rails-dom-testing (~> 2.0)
      rails-html-sanitizer (~> 1.0, >= 1.2.0)
    actiontext (7.0.6)
      actionpack (= 7.0.6)
      activerecord (= 7.0.6)
      activestorage (= 7.0.6)
      activesupport (= 7.0.6)
      globalid (>= 0.6.0)
      nokogiri (>= 1.8.5)
    actionview (7.0.6)
      activesupport (= 7.0.6)
      builder (~> 3.1)
      erubi (~> 1.4)
      rails-dom-testing (~> 2.0)
      rails-html-sanitizer (~> 1.1, >= 1.2.0)
    activejob (7.0.6)
      activesupport (= 7.0.6)
      globalid (>= 0.3.6)
    activemodel (7.0.6)
      activesupport (= 7.0.6)
    activerecord (7.0.6)
      activemodel (= 7.0.6)
      activesupport (= 7.0.6)
    activestorage (7.0.6)
      actionpack (= 7.0.6)
      activejob (= 7.0.6)
      activerecord (= 7.0.6)
      activesupport (= 7.0.6)
      marcel (~> 1.0)
      mini_mime (>= 1.1.0)
    activesupport (7.0.6)
      concurrent-ruby (~> 1.0, >= 1.0.2)
      i18n (>= 1.6, < 2)
      minitest (>= 5.1)
      tzinfo (~> 2.0)
    addressable (2.8.0)
      public_suffix (>= 2.0.2, < 5.0)
    airbrussh (1.4.1)
      sshkit (>= 1.6.1, != 1.7.0)
    archivesspace-client (0.1.8)
      httparty (~> 0.14)
      json (~> 2.0)
      nokogiri (~> 1.10)
    ast (2.4.2)
    axe-core-api (4.7.0)
      dumb_delegator
      virtus
    axe-core-rspec (4.7.0)
      axe-core-api
      dumb_delegator
      virtus
    axiom-types (0.1.1)
      descendants_tracker (~> 0.0.4)
      ice_nine (~> 0.11.0)
      thread_safe (~> 0.3, >= 0.3.1)
    backport (1.1.2)
    bcrypt (3.1.18)
    bcrypt_pbkdf (1.1.0)
    benchmark (0.1.1)
    bindex (0.8.1)
    bixby (5.0.0)
      rubocop (>= 1, < 2)
      rubocop-ast
      rubocop-performance
      rubocop-rails
      rubocop-rspec
    bootsnap (1.15.0)
      msgpack (~> 1.2)
    brakeman (5.4.0)
    builder (3.2.4)
    byebug (11.1.3)
    cancancan (3.2.0)
    capistrano (3.17.1)
      airbrussh (>= 1.0.0)
      i18n
      rake (>= 10.0.0)
      sshkit (>= 1.9.0)
    capistrano-bundler (1.6.0)
      capistrano (~> 3.1)
    capistrano-passenger (0.2.1)
      capistrano (~> 3.0)
    capistrano-rails (1.1.8)
      capistrano (~> 3.1)
      capistrano-bundler (~> 1.1)
    capistrano-yarn (2.0.2)
      capistrano (~> 3.0)
    capybara (3.33.0)
      addressable
      mini_mime (>= 0.1.3)
      nokogiri (~> 1.8)
      rack (>= 1.6.0)
      rack-test (>= 0.6.3)
      regexp_parser (~> 1.5)
      xpath (~> 3.2)
    chronic (0.10.2)
    coderay (1.1.3)
    coercible (1.0.0)
      descendants_tracker (~> 0.0.1)
    concurrent-ruby (1.2.2)
    crack (0.4.5)
      rexml
    crass (1.0.6)
    database_cleaner-active_record (2.0.0)
      activerecord (>= 5.a)
      database_cleaner-core (~> 2.0.0)
    database_cleaner-core (2.0.1)
    date (3.3.3)
    descendants_tracker (0.0.4)
      thread_safe (~> 0.3, >= 0.3.1)
    devise (4.8.1)
      bcrypt (~> 3.0)
      orm_adapter (~> 0.1)
      railties (>= 4.1.0)
      responders
      warden (~> 1.2.3)
    diff-lcs (1.5.0)
    docile (1.3.5)
    dotenv (2.7.6)
    dotenv-rails (2.7.6)
      dotenv (= 2.7.6)
      railties (>= 3.2)
    dry-cli (1.0.0)
    dumb_delegator (1.0.0)
    e2mmap (0.1.0)
    ed25519 (1.3.0)
    erubi (1.12.0)
    execjs (2.7.0)
    factory_bot (6.1.0)
      activesupport (>= 5.0.0)
    factory_bot_rails (6.1.0)
      factory_bot (~> 6.1.0)
      railties (>= 5.0.0)
    ffi (1.15.5)
    foreman (0.87.2)
    globalid (1.1.0)
      activesupport (>= 5.0)
    hashdiff (1.0.1)
    hashie (5.0.0)
    honeybadger (4.12.1)
    httparty (0.21.0)
      mini_mime (>= 1.0.0)
      multi_xml (>= 0.5.2)
    i18n (1.14.1)
      concurrent-ruby (~> 1.0)
    icalendar (2.8.0)
      ice_cube (~> 0.16)
    ice_cube (0.16.4)
    ice_nine (0.11.2)
    jaro_winkler (1.5.4)
    jbuilder (2.10.1)
      activesupport (>= 5.0.0)
    json (2.6.3)
    jwt (2.2.2)
    kramdown (2.3.1)
      rexml
    kramdown-parser-gfm (1.1.0)
      kramdown (~> 2.0)
    library_stdnums (1.6.0)
    listen (3.8.0)
      rb-fsevent (~> 0.10, >= 0.10.3)
      rb-inotify (~> 0.9, >= 0.9.10)
    loofah (2.21.3)
      crass (~> 1.0.2)
      nokogiri (>= 1.12.0)
    mail (2.8.1)
      mini_mime (>= 0.1.1)
      net-imap
      net-pop
      net-smtp
    marc (1.2.0)
      rexml
      scrub_rb (>= 1.0.1, < 2)
      unf
    marcel (1.0.2)
    matrix (0.4.2)
    method_source (1.0.0)
    mini_mime (1.1.2)
    minitest (5.18.1)
    msgpack (1.6.0)
    multi_xml (0.6.0)
    multipart-post (2.1.1)
    net-imap (0.3.6)
      date
      net-protocol
    net-ldap (0.17.0)
    net-pop (0.1.2)
      net-protocol
    net-protocol (0.2.1)
      timeout
    net-scp (4.0.0)
      net-ssh (>= 2.6.5, < 8.0.0)
    net-sftp (4.0.0)
      net-ssh (>= 5.0.0, < 8.0.0)
    net-smtp (0.3.3)
      net-protocol
    net-ssh (7.1.0)
    nio4r (2.5.9)
    nokogiri (1.15.2-arm64-darwin)
      racc (~> 1.4)
    nokogiri (1.15.2-x86_64-darwin)
      racc (~> 1.4)
    nokogiri (1.15.2-x86_64-linux)
      racc (~> 1.4)
    omniauth (1.9.2)
      hashie (>= 3.4.6)
      rack (>= 1.6.2, < 3)
    omniauth-cas (2.0.0)
      addressable (~> 2.3)
      nokogiri (~> 1.5)
      omniauth (~> 1.2)
    open3 (0.1.2)
    orm_adapter (0.5.0)
    parallel (1.22.1)
    parser (3.1.3.0)
      ast (~> 2.4.1)
    pg (1.2.3)
    pry (0.13.1)
      coderay (~> 1.1)
      method_source (~> 1.0)
    pry-byebug (3.9.0)
      byebug (~> 11.0)
      pry (~> 0.13.0)
    public_suffix (4.0.6)
    puma (4.3.12)
      nio4r (~> 2.0)
    racc (1.7.1)
    rack (2.2.7)
    rack-proxy (0.7.6)
      rack
    rack-test (2.1.0)
      rack (>= 1.3)
    rails (7.0.6)
      actioncable (= 7.0.6)
      actionmailbox (= 7.0.6)
      actionmailer (= 7.0.6)
      actionpack (= 7.0.6)
      actiontext (= 7.0.6)
      actionview (= 7.0.6)
      activejob (= 7.0.6)
      activemodel (= 7.0.6)
      activerecord (= 7.0.6)
      activestorage (= 7.0.6)
      activesupport (= 7.0.6)
      bundler (>= 1.15.0)
      railties (= 7.0.6)
    rails-dom-testing (2.1.0)
      activesupport (>= 5.0.0)
      nokogiri (>= 1.6)
    rails-html-sanitizer (1.6.0)
      loofah (~> 2.21)
      nokogiri (~> 1.14)
    railties (7.0.6)
      actionpack (= 7.0.6)
      activesupport (= 7.0.6)
      method_source
      rake (>= 12.2)
      thor (~> 1.0)
      zeitwerk (~> 2.5)
    rainbow (3.1.1)
    rake (13.0.6)
    rb-fsevent (0.11.2)
    rb-inotify (0.10.1)
      ffi (~> 1.0)
    regexp_parser (1.8.2)
    responders (3.0.1)
      actionpack (>= 5.0)
      railties (>= 5.0)
    reverse_markdown (2.0.0)
      nokogiri
    rexml (3.2.5)
    rspec (3.10.0)
      rspec-core (~> 3.10.0)
      rspec-expectations (~> 3.10.0)
      rspec-mocks (~> 3.10.0)
    rspec-core (3.10.0)
      rspec-support (~> 3.10.0)
    rspec-expectations (3.10.0)
      diff-lcs (>= 1.2.0, < 2.0)
      rspec-support (~> 3.10.0)
    rspec-mocks (3.10.3)
      diff-lcs (>= 1.2.0, < 2.0)
      rspec-support (~> 3.10.0)
    rspec-rails (4.0.1)
      actionpack (>= 4.2)
      activesupport (>= 4.2)
      railties (>= 4.2)
      rspec-core (~> 3.9)
      rspec-expectations (~> 3.9)
      rspec-mocks (~> 3.9)
      rspec-support (~> 3.9)
    rspec-support (3.10.3)
    rubocop (1.40.0)
      json (~> 2.3)
      parallel (~> 1.10)
      parser (>= 3.1.2.1)
      rainbow (>= 2.2.2, < 4.0)
      regexp_parser (>= 1.8, < 3.0)
      rexml (>= 3.2.5, < 4.0)
      rubocop-ast (>= 1.23.0, < 2.0)
      ruby-progressbar (~> 1.7)
      unicode-display_width (>= 1.4.0, < 3.0)
    rubocop-ast (1.24.0)
      parser (>= 3.1.1.0)
    rubocop-performance (1.15.1)
      rubocop (>= 1.7.0, < 2.0)
      rubocop-ast (>= 0.4.0)
    rubocop-rails (2.15.2)
      activesupport (>= 4.2.0)
      rack (>= 1.1)
      rubocop (>= 1.7.0, < 2.0)
    rubocop-rspec (2.4.0)
      rubocop (~> 1.0)
      rubocop-ast (>= 1.1.0)
    ruby-progressbar (1.11.0)
    rubyzip (2.3.2)
    sass (3.7.4)
      sass-listen (~> 4.0.0)
    sass-listen (4.0.0)
      rb-fsevent (~> 0.9, >= 0.9.4)
      rb-inotify (~> 0.9, >= 0.9.7)
    sass-rails (5.1.0)
      railties (>= 5.2.0)
      sass (~> 3.1)
      sprockets (>= 2.8, < 4.0)
      sprockets-rails (>= 2.0, < 4.0)
      tilt (>= 1.1, < 3)
    scrub_rb (1.0.1)
    selenium-webdriver (4.7.1)
      rexml (~> 3.2, >= 3.2.5)
      rubyzip (>= 1.2.2, < 3.0)
      websocket (~> 1.0)
    simplecov (0.21.2)
      docile (~> 1.1)
      simplecov-html (~> 0.11)
      simplecov_json_formatter (~> 0.1)
    simplecov-html (0.12.3)
    simplecov_json_formatter (0.1.2)
    solargraph (0.42.1)
      backport (~> 1.1)
      benchmark
      bundler (>= 1.17.2)
      diff-lcs (~> 1.4)
      e2mmap
      jaro_winkler (~> 1.5)
      kramdown (~> 2.3)
      kramdown-parser-gfm (~> 1.1)
      parser (~> 3.0)
      reverse_markdown (>= 1.0.5, < 3)
      rubocop (>= 0.52)
      thor (~> 1.0)
      tilt (~> 2.0)
      yard (~> 0.9, >= 0.9.24)
    sprockets (3.7.2)
      concurrent-ruby (~> 1.0)
      rack (> 1, < 3)
    sprockets-rails (3.4.2)
      actionpack (>= 5.2)
      activesupport (>= 5.2)
      sprockets (>= 3.0.0)
    sshkit (1.21.3)
      net-scp (>= 1.1.2)
      net-ssh (>= 2.8.0)
    terminal-table (3.0.2)
      unicode-display_width (>= 1.1.1, < 3)
    terser (1.1.13)
      execjs (>= 0.3.0, < 3)
    thor (1.2.2)
    thread_safe (0.3.6)
    tilt (2.0.10)
    timecop (0.9.5)
    timeout (0.4.0)
    tzinfo (2.0.6)
      concurrent-ruby (~> 1.0)
    unf (0.1.4)
      unf_ext
    unf_ext (0.0.8.2)
    unicode-display_width (2.3.0)
    virtus (2.0.0)
      axiom-types (~> 0.1)
      coercible (~> 1.0)
      descendants_tracker (~> 0.0, >= 0.0.3)
    vite_rails (3.0.14)
      railties (>= 5.1, < 8)
      vite_ruby (~> 3.0, >= 3.2.2)
    vite_ruby (3.2.14)
      dry-cli (>= 0.7, < 2)
      rack-proxy (~> 0.6, >= 0.6.1)
      zeitwerk (~> 2.2)
    warden (1.2.9)
      rack (>= 2.0.9)
    web-console (3.7.0)
      actionview (>= 5.0)
      activemodel (>= 5.0)
      bindex (>= 0.4.0)
      railties (>= 5.0)
    webdrivers (5.2.0)
      nokogiri (~> 1.6)
      rubyzip (>= 1.3.0)
      selenium-webdriver (~> 4.0)
    webmock (3.12.1)
      addressable (>= 2.3.6)
      crack (>= 0.3.2)
      hashdiff (>= 0.4.0, < 2.0.0)
    websocket (1.2.9)
    websocket-driver (0.7.5)
      websocket-extensions (>= 0.1.0)
    websocket-extensions (0.1.5)
    whenever (1.0.0)
      chronic (>= 0.6.3)
    xpath (3.2.0)
      nokogiri (~> 1.8)
    yard (0.9.26)
    zeitwerk (2.6.8)

PLATFORMS
  arm64-darwin-21
  arm64-darwin-22
  x86_64-darwin-21
  x86_64-darwin-22
  x86_64-linux

DEPENDENCIES
  archivesspace-client
  axe-core-api
  axe-core-rspec
  bcrypt_pbkdf (~> 1.1)
  bixby
  bootsnap (>= 1.1.0)
  brakeman
  cancancan
  capistrano (>= 3.14.1)
  capistrano-passenger
  capistrano-rails (~> 1.1.6)
  capistrano-yarn (~> 2.0)
  capybara (>= 2.15)
  database_cleaner-active_record
  devise (>= 4.6.0)
  dotenv-rails
  ed25519 (~> 1.3)
  factory_bot_rails
  flipflop!
  foreman
  honeybadger (~> 4.0)
  icalendar (~> 2.8)
  jbuilder (~> 2.5)
  jwt
  library_stdnums
  listen (>= 3.0.5)
  marc
  matrix
  multipart-post
  net-ldap
  net-sftp
  nokogiri (~> 1.14)
  omniauth (~> 1.9)
  omniauth-cas
  open3
  pg
  pry-byebug
  puma (~> 4.3)
  rails (~> 7.0)
  rspec
  rspec-rails
  rubocop (~> 1.22)
  rubocop-rails
  rubyzip
  sass-rails
  selenium-webdriver
  simplecov
  solargraph
  terser
  timecop
  tzinfo-data
  vite_rails (~> 3.0)
  web-console (>= 3.3.0)
  webdrivers
  webmock
  whenever

BUNDLED WITH
   2.3.26
